GIT
  remote: https://github.com/easypost/attributes_dsl.git
  revision: b2968f65d9e28297e70834384f29b56a59014b2a
  tag: 0.2.3
  specs:
    attributes_dsl (0.2.3)
      equalizer (~> 0.0.11)
      immutability (~> 0.0.5)
      transproc (~> 0.4.0)

PATH
  remote: .
  specs:
    query_builder (0.0.5.ep)
      equalizer (~> 0.0.11)
      immutability (~> 0.0.2)
      transproc (~> 0.4.0)

GEM
  remote: https://rubygems.org/
  specs:
    addressable (2.7.0)
      public_suffix (>= 2.0.2, < 5.0)
    concurrent-ruby (1.1.8)
    coveralls (0.7.1)
      multi_json (~> 1.3)
      rest-client
      simplecov (>= 0.7)
      term-ansicolor
      thor
    diff-lcs (1.4.4)
    docile (1.3.5)
    domain_name (0.5.20190701)
      unf (>= 0.0.5, < 1.0.0)
    equalizer (0.0.11)
    hexx-rspec (0.5.2)
      bundler (~> 1.6)
      coveralls (~> 0.7)
      i18n (~> 0.7)
      launchy (~> 2.4)
      rake (~> 10.3)
      rspec (~> 3.0)
      simplecov (~> 0.9)
      thor (~> 0.19)
    http-accept (1.7.0)
    http-cookie (1.0.3)
      domain_name (~> 0.5)
    i18n (0.9.5)
      concurrent-ruby (~> 1.0)
    ice_nine (0.11.2)
    immutability (0.0.5)
      ice_nine (~> 0.11.1)
    launchy (2.5.0)
      addressable (~> 2.7)
    mime-types (3.3.1)
      mime-types-data (~> 3.2015)
    mime-types-data (3.2021.0225)
    multi_json (1.15.0)
    netrc (0.11.0)
    public_suffix (4.0.6)
    rake (10.5.0)
    rest-client (2.1.0)
      http-accept (>= 1.7.0, < 2.0)
      http-cookie (>= 1.0.2, < 2.0)
      mime-types (>= 1.16, < 4.0)
      netrc (~> 0.8)
    rspec (3.10.0)
      rspec-core (~> 3.10.0)
      rspec-expectations (~> 3.10.0)
      rspec-mocks (~> 3.10.0)
    rspec-core (3.10.1)
      rspec-support (~> 3.10.0)
    rspec-expectations (3.10.1)
      diff-lcs (>= 1.2.0, < 2.0)
      rspec-support (~> 3.10.0)
    rspec-mocks (3.10.2)
      diff-lcs (>= 1.2.0, < 2.0)
      rspec-support (~> 3.10.0)
    rspec-support (3.10.2)
    simplecov (0.21.2)
      docile (~> 1.1)
      simplecov-html (~> 0.11)
      simplecov_json_formatter (~> 0.1)
    simplecov-html (0.12.3)
    simplecov_json_formatter (0.1.2)
    sync (0.5.0)
    term-ansicolor (1.7.1)
      tins (~> 1.0)
    thor (0.20.3)
    tins (1.28.0)
      sync
    transproc (0.4.2)
    unf (0.1.4)
      unf_ext
    unf_ext (0.0.7.7)

PLATFORMS
  ruby

DEPENDENCIES
  attributes_dsl!
  hexx-rspec (~> 0.5)
  query_builder!

BUNDLED WITH
   1.17.3
